GEM
  remote: https://rubygems.org/
  specs:
    addressable (2.7.0)
      public_suffix (>= 2.0.2, < 5.0)
    connection_pool (2.2.3)
    domain_name (0.5.20190701)
      unf (>= 0.0.5, < 1.0.0)
    http-cookie (1.0.3)
      domain_name (~> 0.5)
    json (2.5.1)
    mechanize (2.8.0)
      addressable (~> 2.7)
      domain_name (~> 0.5, >= 0.5.20190701)
      http-cookie (~> 1.0, >= 1.0.3)
      mime-types (~> 3.0)
      net-http-digest_auth (~> 1.4, >= 1.4.1)
      net-http-persistent (>= 2.5.2, < 5.0.dev)
      nokogiri (~> 1.11, >= 1.11.2)
      rubyntlm (~> 0.6, >= 0.6.3)
      webrick (~> 1.7)
      webrobots (~> 0.1.2)
    mime-types (3.3.1)
      mime-types-data (~> 3.2015)
    mime-types-data (3.2021.0225)
    net-http-digest_auth (1.4.1)
    net-http-persistent (4.0.1)
      connection_pool (~> 2.2)
    nokogiri (1.11.3-x86_64-darwin)
      racc (~> 1.4)
    public_suffix (4.0.6)
    racc (1.5.2)
    rubyntlm (0.6.3)
    unf (0.1.4)
      unf_ext
    unf_ext (0.0.7.7)
    webrick (1.7.0)
    webrobots (0.1.2)

PLATFORMS
  x86_64-darwin-19

DEPENDENCIES
  json
  mechanize

RUBY VERSION
   ruby 3.0.0p0

BUNDLED WITH
   2.2.15
